GEM
  remote: http://rubygems.org/
  specs:
    fastercsv (1.5.4)
    prawn (0.8.4)
      prawn-core (>= 0.8.4, < 0.9)
      prawn-layout (>= 0.8.4, < 0.9)
      prawn-security (>= 0.8.4, < 0.9)
    prawn-core (0.8.4)
    prawn-layout (0.8.4)
    prawn-security (0.8.4)
    term-ansicolor (1.0.6)

PLATFORMS
  ruby

DEPENDENCIES
  fastercsv
  prawn (= 0.8.4)
  term-ansicolor
